PATH
  remote: .
  specs:
    dolar-bna (1.1.5)

GEM
  remote: https://rubygems.org/
  specs:
    activesupport (7.0.4.1)
      concurrent-ruby (~> 1.0, >= 1.0.2)
      i18n (>= 1.6, < 2)
      minitest (>= 5.1)
      tzinfo (~> 2.0)
    concurrent-ruby (1.1.10)
    diff-lcs (1.3)
    factory_bot (5.0.2)
      activesupport (>= 4.2.0)
    i18n (1.12.0)
      concurrent-ruby (~> 1.0)
    minitest (5.17.0)
    rake (10.5.0)
    rspec (3.8.0)
      rspec-core (~> 3.8.0)
      rspec-expectations (~> 3.8.0)
      rspec-mocks (~> 3.8.0)
    rspec-core (3.8.2)
      rspec-support (~> 3.8.0)
    rspec-expectations (3.8.4)
      diff-lcs (>= 1.2.0, < 2.0)
      rspec-support (~> 3.8.0)
    rspec-mocks (3.8.1)
      diff-lcs (>= 1.2.0, < 2.0)
      rspec-support (~> 3.8.0)
    rspec-support (3.8.2)
    shoulda-matchers (4.0.1)
      activesupport (>= 4.2.0)
    tzinfo (2.0.5)
      concurrent-ruby (~> 1.0)

PLATFORMS
  ruby

DEPENDENCIES
  bundler (~> 2.0)
  dolar-bna!
  factory_bot (~> 5.0.2, >= 5.0.2)
  rake (~> 10.0)
  rspec (~> 3.0)
  shoulda-matchers (~> 4.0.1, >= 4.0.1)

BUNDLED WITH
   2.0.2
